GEM
  remote: https://rubygems.org/
  specs:
    coderay (1.1.3)
    faraday (1.9.3)
      faraday-em_http (~> 1.0)
      faraday-em_synchrony (~> 1.0)
      faraday-excon (~> 1.1)
      faraday-httpclient (~> 1.0)
      faraday-multipart (~> 1.0)
      faraday-net_http (~> 1.0)
      faraday-net_http_persistent (~> 1.0)
      faraday-patron (~> 1.0)
      faraday-rack (~> 1.0)
      faraday-retry (~> 1.0)
      ruby2_keywords (>= 0.0.4)
    faraday-em_http (1.0.0)
    faraday-em_synchrony (1.0.0)
    faraday-excon (1.1.0)
    faraday-httpclient (1.0.1)
    faraday-multipart (1.0.3)
      multipart-post (>= 1.2, < 3)
    faraday-net_http (1.0.1)
    faraday-net_http_persistent (1.2.0)
    faraday-patron (1.0.0)
    faraday-rack (1.0.0)
    faraday-retry (1.0.3)
    faraday_middleware (1.2.0)
      faraday (~> 1.0)
    influxdb-client (2.9.0)
    method_source (1.0.0)
    multipart-post (2.1.1)
    pry (0.14.2)
      coderay (~> 1.1)
      method_source (~> 1.0)
    retriable (3.1.2)
    ruby2_keywords (0.0.5)

PLATFORMS
  ruby

DEPENDENCIES
  faraday
  faraday_middleware
  influxdb-client
  pry
  retriable

BUNDLED WITH
   2.1.4
